PATH
  remote: .
  specs:
    travisify (0.0.1)
      dotenv
      travis
      travis-lint
      typhoeus

GEM
  remote: http://rubygems.org/
  specs:
    addressable (2.3.5)
    backports (3.6.0)
    coderay (1.1.0)
    dotenv (0.10.0)
    ethon (0.6.3)
      ffi (>= 1.3.0)
      mime-types (~> 1.18)
    faraday (0.8.9)
      multipart-post (~> 1.2.0)
    faraday_middleware (0.9.0)
      faraday (>= 0.7.4, < 0.9)
    ffi (1.9.3)
    gh (0.13.2)
      addressable
      backports
      faraday (~> 0.8)
      multi_json (~> 1.0)
      net-http-persistent (>= 2.7)
      net-http-pipeline
    hashr (0.0.22)
    highline (1.6.20)
    launchy (2.4.2)
      addressable (~> 2.3)
    method_source (0.8.2)
    mime-types (1.25.1)
    multi_json (1.8.4)
    multipart-post (1.2.0)
    net-http-persistent (2.9.4)
    net-http-pipeline (1.0.1)
    pry (0.9.12.6)
      coderay (~> 1.0)
      method_source (~> 0.8)
      slop (~> 3.4)
    pusher-client (0.4.0)
      websocket (~> 1.0.0)
    rake (10.1.1)
    slop (3.4.7)
    travis (1.6.7)
      addressable (~> 2.3)
      backports
      faraday (~> 0.8.7)
      faraday_middleware (~> 0.9)
      gh (~> 0.13)
      highline (~> 1.6)
      launchy (~> 2.1)
      pry (~> 0.9)
      pusher-client (~> 0.4)
      typhoeus (~> 0.6)
    travis-lint (1.7.0)
      hashr (~> 0.0.22)
    typhoeus (0.6.7)
      ethon (~> 0.6.2)
    websocket (1.0.7)

PLATFORMS
  ruby

DEPENDENCIES
  bundler (~> 1.3)
  rake
  travisify!
